GEM
  remote: https://rubygems.org/
  specs:
    byebug (9.0.6)
    childprocess (0.6.2)
      ffi (~> 1.0, >= 1.0.11)
    daemons (1.2.4)
    eventmachine (1.2.3)
    ffi (1.9.18)
    haml (4.0.7)
      tilt
    rack (1.6.5)
    rack-protection (1.5.3)
      rack
    rubyzip (1.2.1)
    selenium-webdriver (3.2.2)
      childprocess (~> 0.5)
      rubyzip (~> 1.0)
      websocket (~> 1.0)
    sinatra (1.4.8)
      rack (~> 1.5)
      rack-protection (~> 1.4)
      tilt (>= 1.3, < 3)
    thin (1.7.0)
      daemons (~> 1.0, >= 1.0.9)
      eventmachine (~> 1.0, >= 1.0.4)
      rack (>= 1, < 3)
    tilt (2.0.6)
    websocket (1.2.4)

PLATFORMS
  ruby

DEPENDENCIES
  byebug
  haml
  selenium-webdriver
  sinatra
  thin

RUBY VERSION
   ruby 2.3.3p222

BUNDLED WITH
   1.14.6
